GEM
  remote: https://rubygems.org/
  specs:
    byebug (10.0.2)

PLATFORMS
  ruby

DEPENDENCIES
  byebug

BUNDLED WITH
   1.16.1
